GEM
  remote: http://rubygems.org/
  specs:
    aws-sdk (1.3.6)
      httparty (~> 0.7)
      json (~> 1.4)
      nokogiri (>= 1.4.4)
      uuidtools (~> 2.1)
    git (1.2.5)
    httparty (0.8.1)
      multi_json
      multi_xml
    jeweler (1.6.4)
      bundler (~> 1.0)
      git (>= 1.2.5)
      rake
    json (1.6.5)
    multi_json (1.1.0)
    multi_xml (0.4.1)
    nokogiri (1.5.0)
    rake (0.9.2.2)
    rcov (1.0.0)
    shoulda (3.0.1)
      shoulda-context (~> 1.0.0)
      shoulda-matchers (~> 1.0.0)
    shoulda-context (1.0.0)
    shoulda-matchers (1.0.0)
    uuidtools (2.1.2)

PLATFORMS
  ruby

DEPENDENCIES
  aws-sdk (>= 1.3.6)
  bundler (~> 1.0.0)
  jeweler (~> 1.6.4)
  rcov
  shoulda
